GEM
  remote: https://rubygems.org/
  specs:
    aitch (0.5.0)
      nokogiri (>= 1.6.0)
    celluloid (0.16.0)
      timers (~> 4.0.0)
    dotenv (2.0.2)
    hitimes (1.2.3)
    mini_portile (0.6.2)
    nokogiri (1.6.6.2)
      mini_portile (~> 0.6.0)
    puma (2.14.0)
    rack (1.6.4)
    rack-protection (1.5.3)
      rack
    sinatra (1.4.6)
      rack (~> 1.4)
      rack-protection (~> 1.4)
      tilt (>= 1.3, < 3)
    sucker_punch (1.5.1)
      celluloid (= 0.16.0)
    tilt (2.0.1)
    timers (4.0.4)
      hitimes

PLATFORMS
  ruby

DEPENDENCIES
  aitch
  dotenv
  puma
  sinatra
  sucker_punch

BUNDLED WITH
   1.10.6
